GIT
  remote: git://github.com/bmabey/database_cleaner.git
  revision: 04ba63bfeee185480c29c3f0d742ec15852f117b
  specs:
    database_cleaner (0.6.0.rc.2)

GIT
  remote: git://github.com/jnicklas/capybara.git
  revision: 7065a66503b6aea909f5bea91eb61cacd3a4aa7c
  specs:
    capybara (0.3.9)
      celerity (>= 0.7.9)
      culerity (>= 0.2.4)
      mime-types (>= 1.16)
      nokogiri (>= 1.3.3)
      rack (>= 1.0.0)
      rack-test (>= 0.5.4)
      selenium-webdriver (>= 0.0.27)
      xpath (>= 0.1.0)

GIT
  remote: git://github.com/ngauthier/hydra.git
  revision: 304fbb9c85a1dad206950be5f569e67990ebbf43
  specs:
    hydra (0.22.2)

GIT
  remote: git://github.com/rspec/rspec-core.git
  revision: 46d318f48f081cd195aa2979963da8d8a98cefc0
  specs:
    rspec-core (2.0.0.beta.20)

GIT
  remote: git://github.com/rspec/rspec-expectations.git
  revision: f5aac62d9e7f16fcda284d04fb9da678e058683a
  specs:
    rspec-expectations (2.0.0.beta.20)
      diff-lcs (>= 1.1.2)

GIT
  remote: git://github.com/rspec/rspec-mocks.git
  revision: 9003244ecfe3ce2c6d61e70e649edf8b9eab84a4
  specs:
    rspec-mocks (2.0.0.beta.20)
      rspec-core (= 2.0.0.beta.20)
      rspec-expectations (= 2.0.0.beta.20)

GIT
  remote: git://github.com/rspec/rspec-rails.git
  revision: ff2efd7a2376a754955aff4c996438415da5f2f3
  specs:
    rspec-rails (2.0.0.beta.20)
      rspec (= 2.0.0.beta.20)

GIT
  remote: git://github.com/rspec/rspec.git
  revision: d90fe02234eaa5bef3fa4c93f1a6588317cb81da
  specs:
    rspec (2.0.0.beta.20)
      rspec-core (= 2.0.0.beta.20)
      rspec-expectations (= 2.0.0.beta.20)
      rspec-mocks (= 2.0.0.beta.20)

GIT
  remote: git://github.com/thoughtbot/factory_girl.git
  revision: 7c649b2c85ecc05ee74a1b869a2b5d3a626d59be
  specs:
    factory_girl (1.3.1)

GEM
  remote: http://rubygems.org/
  specs:
    abstract (1.0.0)
    actionmailer (3.0.0)
      actionpack (= 3.0.0)
      mail (~> 2.2.5)
    actionpack (3.0.0)
      activemodel (= 3.0.0)
      activesupport (= 3.0.0)
      builder (~> 2.1.2)
      erubis (~> 2.6.6)
      i18n (~> 0.4.1)
      rack (~> 1.2.1)
      rack-mount (~> 0.6.12)
      rack-test (~> 0.5.4)
      tzinfo (~> 0.3.23)
    activemodel (3.0.0)
      activesupport (= 3.0.0)
      builder (~> 2.1.2)
      i18n (~> 0.4.1)
    activerecord (3.0.0)
      activemodel (= 3.0.0)
      activesupport (= 3.0.0)
      arel (~> 1.0.0)
      tzinfo (~> 0.3.23)
    activeresource (3.0.0)
      activemodel (= 3.0.0)
      activesupport (= 3.0.0)
    activesupport (3.0.0)
    arel (1.0.1)
      activesupport (~> 3.0.0)
    builder (2.1.2)
    celerity (0.8.1)
    culerity (0.2.12)
    diff-lcs (1.1.2)
    erubis (2.6.6)
      abstract (>= 1.0.0)
    ffi (0.6.3)
      rake (>= 0.8.7)
    i18n (0.4.1)
    json_pure (1.4.6)
    mail (2.2.6)
      activesupport (>= 2.3.6)
      mime-types
      treetop (>= 1.4.5)
    mime-types (1.16)
    nokogiri (1.4.3.1)
    polyglot (0.3.1)
    rack (1.2.1)
    rack-mount (0.6.13)
      rack (>= 1.0.0)
    rack-test (0.5.4)
      rack (>= 1.0)
    rails (3.0.0)
      actionmailer (= 3.0.0)
      actionpack (= 3.0.0)
      activerecord (= 3.0.0)
      activeresource (= 3.0.0)
      activesupport (= 3.0.0)
      bundler (~> 1.0.0)
      railties (= 3.0.0)
    railties (3.0.0)
      actionpack (= 3.0.0)
      activesupport (= 3.0.0)
      rake (>= 0.8.4)
      thor (~> 0.14.0)
    rake (0.8.7)
    rubyzip (0.9.4)
    selenium-webdriver (0.0.28)
      ffi (>= 0.6.1)
      json_pure
      rubyzip
    sqlite3 (0.1.1)
      ffi (>= 0.6.3)
    test-unit (2.1.1)
    thor (0.14.0)
    treetop (1.4.8)
      polyglot (>= 0.3.1)
    tzinfo (0.3.23)
    xpath (0.1.0)

PLATFORMS
  ruby

DEPENDENCIES
  capybara!
  database_cleaner!
  factory_girl!
  hydra!
  rails (= 3.0.0)
  rspec!
  rspec-core!
  rspec-expectations!
  rspec-mocks!
  rspec-rails!
  sqlite3
  test-unit
